PATH
  remote: .
  specs:
    cfn-nag (0.0.0)
      cfn-model (= 0.1.17)
      jmespath (= 1.3.1)
      logging (= 2.2.2)
      netaddr (= 1.5.1)
      trollop (= 2.1.2)

GEM
  remote: https://rubygems.org/
  specs:
    cfn-model (0.1.17)
      kwalify (= 0.7.2)
    diff-lcs (1.2.5)
    docile (1.1.5)
    jmespath (1.3.1)
    json (1.8.3)
    kwalify (0.7.2)
    little-plugger (1.1.4)
    logging (2.2.2)
      little-plugger (~> 1.1)
      multi_json (~> 1.10)
    multi_json (1.12.2)
    netaddr (1.5.1)
    rspec (3.4.0)
      rspec-core (~> 3.4.0)
      rspec-expectations (~> 3.4.0)
      rspec-mocks (~> 3.4.0)
    rspec-core (3.4.1)
      rspec-support (~> 3.4.0)
    rspec-expectations (3.4.0)
      diff-lcs (>= 1.2.0, < 2.0)
      rspec-support (~> 3.4.0)
    rspec-mocks (3.4.0)
      diff-lcs (>= 1.2.0, < 2.0)
      rspec-support (~> 3.4.0)
    rspec-support (3.4.1)
    simplecov (0.11.1)
      docile (~> 1.1.0)
      json (~> 1.8)
      simplecov-html (~> 0.10.0)
    simplecov-html (0.10.0)
    trollop (2.1.2)

PLATFORMS
  ruby

DEPENDENCIES
  cfn-nag!
  rspec
  simplecov

BUNDLED WITH
   1.15.1
