PATH
  remote: .
  specs:
    cfn-nag (0.0.0)
      cfn-model (= 0.4.5)
      colorize (= 0.8.1)
      jmespath (~> 1.3.1)
      logging (~> 2.2.2)
      netaddr (~> 2.0.4)
      trollop (~> 2.1.2)

GEM
  remote: https://rubygems.org/
  specs:
    ast (2.4.0)
    cfn-model (0.4.5)
      kwalify (= 0.7.2)
      psych (~> 3)
    colorize (0.8.1)
    diff-lcs (1.3)
    docile (1.3.2)
    jaro_winkler (1.5.3)
    jmespath (1.3.1)
    json (2.2.0)
    kwalify (0.7.2)
    little-plugger (1.1.4)
    logging (2.2.2)
      little-plugger (~> 1.1)
      multi_json (~> 1.10)
    multi_json (1.14.1)
    netaddr (2.0.4)
    parallel (1.17.0)
    parser (2.6.3.0)
      ast (~> 2.4.0)
    psych (3.1.0)
    rainbow (3.0.0)
    rake (12.3.2)
    rspec (3.8.0)
      rspec-core (~> 3.8.0)
      rspec-expectations (~> 3.8.0)
      rspec-mocks (~> 3.8.0)
    rspec-core (3.8.2)
      rspec-support (~> 3.8.0)
    rspec-expectations (3.8.4)
      diff-lcs (>= 1.2.0, < 2.0)
      rspec-support (~> 3.8.0)
    rspec-mocks (3.8.1)
      diff-lcs (>= 1.2.0, < 2.0)
      rspec-support (~> 3.8.0)
    rspec-support (3.8.2)
    rubocop (0.72.0)
      jaro_winkler (~> 1.5.1)
      parallel (~> 1.10)
      parser (>= 2.6)
      rainbow (>= 2.2.2, < 4.0)
      ruby-progressbar (~> 1.7)
      unicode-display_width (>= 1.4.0, < 1.7)
    ruby-progressbar (1.10.1)
    simplecov (0.17.0)
      docile (~> 1.1)
      json (>= 1.8, < 3)
      simplecov-html (~> 0.10.0)
    simplecov-html (0.10.2)
    trollop (2.1.3)
    unicode-display_width (1.6.0)

PLATFORMS
  ruby

DEPENDENCIES
  cfn-nag!
  rake
  rspec (~> 3.4)
  rubocop
  simplecov (~> 0.11)

BUNDLED WITH
   2.0.2
